PATH
  remote: .
  specs:
    premailer (1.21.0)
      addressable
      css_parser (>= 1.12.0)
      htmlentities (>= 4.0.0)

GEM
  remote: https://rubygems.org/
  specs:
    addressable (2.8.1)
      public_suffix (>= 2.0.2, < 6.0)
    bump (0.10.0)
    coderay (1.1.3)
    coveralls (0.8.23)
      json (>= 1.8, < 3)
      simplecov (~> 0.16.1)
      term-ansicolor (~> 1.3)
      thor (>= 0.19.4, < 2.0)
      tins (~> 1.6)
    crack (0.4.5)
      rexml
    css_parser (1.14.0)
      addressable
    docile (1.4.0)
    ffi (1.15.5-java)
    hashdiff (1.0.1)
    htmlentities (4.3.4)
    jruby-openssl (0.14.0-java)
    json (2.6.3)
    json (2.6.3-java)
    maxitest (4.4.0)
      minitest (>= 5.0.0, < 5.18.0)
    method_source (1.0.0)
    mini_portile2 (2.8.4)
    minitest (5.17.0)
    nokogiri (1.15.3)
      mini_portile2 (~> 2.8.2)
      racc (~> 1.4)
    nokogiri (1.15.3-aarch64-linux)
      racc (~> 1.4)
    nokogiri (1.15.3-java)
      racc (~> 1.4)
    nokogiri (1.15.3-x86_64-linux)
      racc (~> 1.4)
    pry (0.14.2)
      coderay (~> 1.1)
      method_source (~> 1.0)
    pry (0.14.2-java)
      coderay (~> 1.1)
      method_source (~> 1.0)
      spoon (~> 0.0)
    public_suffix (5.0.1)
    racc (1.7.1)
    racc (1.7.1-java)
    rake (13.0.6)
    redcarpet (3.5.1)
    rexml (3.2.5)
    simplecov (0.16.1)
      docile (~> 1.1)
      json (>= 1.8, < 3)
      simplecov-html (~> 0.10.0)
    simplecov-html (0.10.2)
    spoon (0.0.6)
      ffi
    sync (0.5.0)
    term-ansicolor (1.7.1)
      tins (~> 1.0)
    thor (1.2.1)
    tins (1.32.1)
      sync
    webmock (3.18.1)
      addressable (>= 2.8.0)
      crack (>= 0.3.2)
      hashdiff (>= 0.4.0, < 2.0.0)

PLATFORMS
  aarch64-linux
  java
  ruby
  x86_64-linux

DEPENDENCIES
  bump
  bundler (>= 1.3)
  coveralls
  jruby-openssl
  maxitest
  nokogiri (~> 1.13)
  premailer!
  pry
  rake (> 0.8, != 0.9.0)
  redcarpet (~> 3.0)
  webmock

BUNDLED WITH
   2.3.12
